GIT
  remote: https://github.com/masone/sonos.git
  revision: ec7efab70404026eec287f49a8b961d5879e71ac
  branch: fixed-spotify-r_id
  specs:
    sonos (0.3.6)
      httpclient
      nokogiri
      savon (~> 2.0)
      ssdp
      thor

GEM
  remote: https://rubygems.org/
  specs:
    akami (1.3.1)
      gyoku (>= 0.4.0)
      nokogiri
    builder (3.2.2)
    gyoku (1.3.1)
      builder (>= 2.1.2)
    httpclient (2.7.0.1)
    httpi (2.4.1)
      rack
    mini_portile2 (2.0.0)
    nokogiri (1.6.7.1)
      mini_portile2 (~> 2.0.0.rc2)
    nori (2.6.0)
    rack (1.6.4)
    rack-protection (1.5.3)
      rack
    savon (2.11.1)
      akami (~> 1.2)
      builder (>= 2.1.2)
      gyoku (~> 1.2)
      httpi (~> 2.3)
      nokogiri (>= 1.4.0)
      nori (~> 2.4)
      wasabi (~> 3.4)
    sinatra (1.4.6)
      rack (~> 1.4)
      rack-protection (~> 1.4)
      tilt (>= 1.3, < 3)
    ssdp (1.1.5)
    thor (0.19.1)
    tilt (2.0.1)
    wasabi (3.5.0)
      httpi (~> 2.0)
      nokogiri (>= 1.4.2)

PLATFORMS
  ruby

DEPENDENCIES
  sinatra
  sonos!

BUNDLED WITH
   1.11.2
